GIT
  remote: git://github.com/pelle/oauth-plugin.git
  revision: 9c29c532fd4f22c009536e3e9bb4148c9e7c593b
  branch: rails3
  specs:
    oauth-plugin (0.0.0)
      oauth (>= 0.3.5)

GIT
  remote: git://github.com/pelle/oauth.git
  revision: a9e7ed0bfb5673d453d2aa9fd5e1599cc45072ec
  specs:
    oauth (0.4.3)

GEM
  remote: http://rubygems.org/
  remote: http://gems.github.com/
  specs:
    actionmailer (3.2.14)
      actionpack (= 3.2.14)
      mail (~> 2.5.4)
    actionpack (3.2.14)
      activemodel (= 3.2.14)
      activesupport (= 3.2.14)
      builder (~> 3.0.0)
      erubis (~> 2.7.0)
      journey (~> 1.0.4)
      rack (~> 1.4.5)
      rack-cache (~> 1.2)
      rack-test (~> 0.6.1)
      sprockets (~> 2.2.1)
    activemodel (3.2.14)
      activesupport (= 3.2.14)
      builder (~> 3.0.0)
    activerecord (3.2.14)
      activemodel (= 3.2.14)
      activesupport (= 3.2.14)
      arel (~> 3.0.2)
      tzinfo (~> 0.3.29)
    activeresource (3.2.14)
      activemodel (= 3.2.14)
      activesupport (= 3.2.14)
    activesupport (3.2.14)
      i18n (~> 0.6, >= 0.6.4)
      multi_json (~> 1.0)
    acts_as_list (0.3.0)
      activerecord (>= 3.0)
    arel (3.0.2)
    builder (3.0.4)
    calendar_date_select (1.16.4)
    color (1.4.2)
    delayed_job (4.0.0)
      activesupport (>= 3.0, < 4.1)
    dynamic_form (1.1.4)
    erubis (2.7.0)
    facebooker2 (0.0.17)
      mogli (>= 0.0.33)
      ruby-hmac
    gravatar (1.0)
    haml (4.0.3)
      tilt
    hashie (2.0.5)
    hike (1.2.3)
    httmultiparty (0.3.10)
      httparty (>= 0.7.3)
      multipart-post
    httparty (0.11.0)
      multi_json (~> 1.0)
      multi_xml (>= 0.5.2)
    i18n (0.6.5)
    in_place_editing (1.2.0)
    journey (1.0.4)
    json (1.8.0)
    mail (2.5.4)
      mime-types (~> 1.16)
      treetop (~> 1.4.8)
    make_resourceful (1.0.1)
    mash (0.1.1)
    metaclass (0.0.1)
    mime-types (1.24)
    mini_portile (0.5.1)
    mocha (0.14.0)
      metaclass (~> 0.0.1)
    mogli (0.0.44)
      hashie (>= 1.1.0)
      httmultiparty (>= 0.3.6)
      httparty (>= 0.4.3)
      multi_json (>= 1.0.3, < 1.4)
    multi_json (1.3.7)
    multi_xml (0.5.5)
    multipart-post (1.2.0)
    nokogiri (1.6.0)
      mini_portile (~> 0.5.0)
    pg (0.16.0)
    polyglot (0.3.3)
    rack (1.4.5)
    rack-cache (1.2)
      rack (>= 0.4)
    rack-ssl (1.3.3)
      rack
    rack-test (0.6.2)
      rack (>= 1.0)
    rails (3.2.14)
      actionmailer (= 3.2.14)
      actionpack (= 3.2.14)
      activerecord (= 3.2.14)
      activeresource (= 3.2.14)
      activesupport (= 3.2.14)
      bundler (~> 1.0)
      railties (= 3.2.14)
    railties (3.2.14)
      actionpack (= 3.2.14)
      activesupport (= 3.2.14)
      rack-ssl (~> 1.3.2)
      rake (>= 0.8.7)
      rdoc (~> 3.4)
      thor (>= 0.14.6, < 2.0)
    rake (10.1.0)
    rakismet (1.3.0)
    rdoc (3.12.2)
      json (~> 1.4)
    ruby-hmac (0.4.0)
    shoulda (3.5.0)
      shoulda-context (~> 1.0, >= 1.0.1)
      shoulda-matchers (>= 1.4.1, < 3.0)
    shoulda-context (1.1.5)
    shoulda-matchers (2.3.0)
      activesupport (>= 3.0.0)
    sprockets (2.2.2)
      hike (~> 1.2)
      multi_json (~> 1.0)
      rack (~> 1.0)
      tilt (~> 1.1, != 1.3.0)
    state_machine (1.2.0)
    test-unit (2.5.5)
    thor (0.18.1)
    thoughtbot-shoulda (2.11.1)
    tilt (1.4.1)
    treetop (1.4.15)
      polyglot
      polyglot (>= 0.3.1)
    tzinfo (0.3.37)
    will_paginate (3.0.4)
    ym4r (0.6.1)

PLATFORMS
  ruby

DEPENDENCIES
  acts_as_list
  calendar_date_select
  color
  delayed_job
  dynamic_form
  facebooker2
  gravatar
  haml
  httparty
  in_place_editing
  make_resourceful
  mash
  mocha
  mogli
  nokogiri
  oauth!
  oauth-plugin!
  pg
  rails (~> 3.2.0)
  rakismet
  ruby-hmac
  shoulda
  state_machine
  test-unit
  thoughtbot-shoulda
  will_paginate (~> 3.0.pre2)
  ym4r
